GEM
  remote: https://rubygems.org/
  specs:
    addressable (2.8.1)
      public_suffix (>= 2.0.2, < 6.0)
    colorator (1.1.0)
    colored (1.2)
    concurrent-ruby (1.1.10)
    cri (2.15.11)
    ddmetrics (1.0.1)
    ddplugin (1.0.3)
    diff-lcs (1.5.0)
    em-websocket (0.5.3)
      eventmachine (>= 0.12.9)
      http_parser.rb (~> 0)
    eventmachine (1.2.7)
    ffi (1.15.5)
    forwardable-extended (2.6.0)
    hamster (3.0.0)
      concurrent-ruby (~> 1.0)
    http_parser.rb (0.8.0)
    i18n (0.9.5)
      concurrent-ruby (~> 1.0)
    jekyll (3.9.2)
      addressable (~> 2.4)
      colorator (~> 1.0)
      em-websocket (~> 0.5)
      i18n (~> 0.7)
      jekyll-sass-converter (~> 1.0)
      jekyll-watch (~> 2.0)
      kramdown (>= 1.17, < 3)
      liquid (~> 4.0)
      mercenary (~> 0.3.3)
      pathutil (~> 0.9)
      rouge (>= 1.7, < 4)
      safe_yaml (~> 1.0)
    jekyll-minibundle (3.0.0)
    jekyll-sass-converter (1.5.2)
      sass (~> 3.4)
    jekyll-watch (2.2.1)
      listen (~> 3.0)
    json_schema (0.21.0)
    kramdown (2.4.0)
      rexml
    kramdown-parser-gfm (1.1.0)
      kramdown (~> 2.0)
    liquid (4.0.4)
    listen (3.8.0)
      rb-fsevent (~> 0.10, >= 0.10.3)
      rb-inotify (~> 0.9, >= 0.9.10)
    memo_wise (1.7.0)
    mercenary (0.3.6)
    nanoc (4.12.15)
      addressable (~> 2.5)
      colored (~> 1.2)
      nanoc-checking (~> 1.0, >= 1.0.2)
      nanoc-cli (= 4.12.15)
      nanoc-core (= 4.12.15)
      nanoc-deploying (~> 1.0)
      parallel (~> 1.12)
      tty-command (~> 0.8)
      tty-which (~> 0.4)
    nanoc-checking (1.0.2)
      nanoc-cli (~> 4.12, >= 4.12.4)
      nanoc-core (~> 4.12, >= 4.12.4)
    nanoc-cli (4.12.15)
      cri (~> 2.15)
      diff-lcs (~> 1.3)
      nanoc-core (= 4.12.15)
      zeitwerk (~> 2.1)
    nanoc-core (4.12.15)
      concurrent-ruby (~> 1.1)
      ddmetrics (~> 1.0)
      ddplugin (~> 1.0)
      hamster (~> 3.0)
      json_schema (~> 0.19)
      memo_wise (~> 1.5)
      psych (~> 4.0)
      slow_enumerator_tools (~> 1.0)
      tty-platform (~> 0.2)
      zeitwerk (~> 2.1)
    nanoc-deploying (1.0.2)
      nanoc-checking (~> 1.0)
      nanoc-cli (~> 4.11, >= 4.11.15)
      nanoc-core (~> 4.11, >= 4.11.15)
    parallel (1.22.1)
    pastel (0.8.0)
      tty-color (~> 0.5)
    pathutil (0.16.2)
      forwardable-extended (~> 2.6)
    psych (4.0.6)
      stringio
    public_suffix (5.0.1)
    rake (13.0.6)
    rb-fsevent (0.11.2)
    rb-inotify (0.10.1)
      ffi (~> 1.0)
    rexml (3.2.5)
    rouge (3.30.0)
    safe_yaml (1.0.5)
    sass (3.7.4)
      sass-listen (~> 4.0.0)
    sass-listen (4.0.0)
      rb-fsevent (~> 0.9, >= 0.9.4)
      rb-inotify (~> 0.9, >= 0.9.7)
    slow_enumerator_tools (1.1.0)
    stringex (2.8.5)
    stringio (3.0.5)
    tty-color (0.6.0)
    tty-command (0.10.1)
      pastel (~> 0.8)
    tty-platform (0.3.0)
    tty-which (0.5.0)
    webrick (1.8.1)
    zeitwerk (2.6.7)

PLATFORMS
  x86_64-linux

DEPENDENCIES
  jekyll (= 3.9.2)
  jekyll-minibundle
  kramdown-parser-gfm
  nanoc
  rake
  stringex
  webrick

BUNDLED WITH
   2.2.5
